GEM
  remote: https://rubygems.org/
  specs:
    numo-linalg (0.1.7)
      numo-narray (>= 0.9.1.4)
    numo-narray (0.9.2.1)

PLATFORMS
  arm64-darwin-21
  ruby

DEPENDENCIES
  numo-linalg
  numo-narray

BUNDLED WITH
   2.5.5
