GEM
  remote: https://rubygems.org/
  specs:
    numo-narray (0.9.2.1)

PLATFORMS
  arm64-darwin-21
  ruby

DEPENDENCIES
  numo-narray

BUNDLED WITH
   2.5.5
